GEM
  remote: https://rubygems.org/
  specs:
    actionmailer (3.2.17)
      actionpack (= 3.2.17)
      mail (~> 2.5.4)
    actionpack (3.2.17)
      activemodel (= 3.2.17)
      activesupport (= 3.2.17)
      builder (~> 3.0.0)
      erubis (~> 2.7.0)
      journey (~> 1.0.4)
      rack (~> 1.4.5)
      rack-cache (~> 1.2)
      rack-test (~> 0.6.1)
      sprockets (~> 2.2.1)
    activemodel (3.2.17)
      activesupport (= 3.2.17)
      builder (~> 3.0.0)
    activerecord (3.2.17)
      activemodel (= 3.2.17)
      activesupport (= 3.2.17)
      arel (~> 3.0.2)
      tzinfo (~> 0.3.29)
    activeresource (3.2.17)
      activemodel (= 3.2.17)
      activesupport (= 3.2.17)
    activesupport (3.2.17)
      i18n (~> 0.6, >= 0.6.4)
      multi_json (~> 1.0)
    addressable (2.3.5)
    arel (3.0.3)
    atomic (1.1.15)
    bcrypt (3.1.7)
    bcrypt-ruby (3.1.5)
      bcrypt (>= 3.1.3)
    bson (1.9.2)
    bson_ext (1.9.2)
      bson (~> 1.9.2)
    buftok (0.2.0)
    builder (3.0.4)
    cancan (1.6.10)
    capistrano (3.1.0)
      i18n
      rake (>= 10.0.0)
      sshkit (~> 1.3)
    chunky_png (1.3.0)
    climate_control (0.0.3)
      activesupport (>= 3.0)
    cocaine (0.5.3)
      climate_control (>= 0.0.3, < 1.0)
    coffee-rails (3.2.2)
      coffee-script (>= 2.2.0)
      railties (~> 3.2.0)
    coffee-script (2.2.0)
      coffee-script-source
      execjs
    coffee-script-source (1.7.0)
    compass (0.12.3)
      chunky_png (~> 1.2)
      fssm (>= 0.2.7)
      sass (= 3.2.14)
    compass-rails (1.1.3)
      compass (>= 0.12.2)
    curb (0.8.5)
    daemon_controller (1.2.0)
    daemons (1.1.9)
    devise (3.2.3)
      bcrypt-ruby (~> 3.0)
      orm_adapter (~> 0.1)
      railties (>= 3.2.6, < 5)
      thread_safe (~> 0.1)
      warden (~> 1.2.3)
    equalizer (0.0.9)
    erubis (2.7.0)
    eventmachine (1.0.3)
    execjs (2.0.2)
    faraday (0.9.0)
      multipart-post (>= 1.2, < 3)
    feedzirra (0.7.1)
      curb (~> 0.8.1)
      loofah (~> 1.2.1)
      sax-machine (~> 0.2.1)
    fssm (0.2.10)
    haml (4.0.5)
      tilt
    hike (1.2.3)
    html_truncator (0.3.1)
      nokogiri (~> 1.5)
    http (0.5.0)
      http_parser.rb
    http_parser.rb (0.6.0)
    i18n (0.6.9)
    journey (1.0.4)
    jquery-modal-rails (0.0.4)
      jquery-ui-rails
      railties (>= 3.2.0, < 5.0)
      thor (~> 0.14)
      uuidtools
    jquery-rails (3.1.0)
      railties (>= 3.0, < 5.0)
      thor (>= 0.14, < 2.0)
    jquery-turbolinks (2.0.2)
      railties (>= 3.1.0)
      turbolinks
    jquery-ui-rails (4.2.0)
      railties (>= 3.2.16)
    json (1.8.1)
    koala (1.9.0)
      addressable
      faraday
      multi_json
    loofah (1.2.1)
      nokogiri (>= 1.4.4)
    mail (2.5.4)
      mime-types (~> 1.16)
      treetop (~> 1.4.8)
    memoizable (0.4.1)
      thread_safe (~> 0.2.0)
    mime-types (1.25.1)
    mini_portile (0.5.2)
    mongoid (3.1.6)
      activemodel (~> 3.2)
      moped (~> 1.4)
      origin (~> 1.0)
      tzinfo (~> 0.3.29)
    mongoid-paperclip (0.0.8)
      paperclip (>= 2.3.6)
    moped (1.5.2)
    multi_json (1.9.0)
    multipart-post (2.0.0)
    naught (1.0.0)
    net-scp (1.1.2)
      net-ssh (>= 2.6.5)
    net-ssh (2.8.0)
    nokogiri (1.6.1)
      mini_portile (~> 0.5.0)
    origin (1.1.0)
    orm_adapter (0.5.0)
    paperclip (4.1.1)
      activemodel (>= 3.0.0)
      activesupport (>= 3.0.0)
      cocaine (~> 0.5.3)
      mime-types
    passenger (4.0.37)
      daemon_controller (>= 1.1.0)
      rack
      rake (>= 0.8.1)
    polyglot (0.3.4)
    rack (1.4.5)
    rack-cache (1.2)
      rack (>= 0.4)
    rack-ssl (1.3.3)
      rack
    rack-test (0.6.2)
      rack (>= 1.0)
    rails (3.2.17)
      actionmailer (= 3.2.17)
      actionpack (= 3.2.17)
      activerecord (= 3.2.17)
      activeresource (= 3.2.17)
      activesupport (= 3.2.17)
      bundler (~> 1.0)
      railties (= 3.2.17)
    railties (3.2.17)
      actionpack (= 3.2.17)
      activesupport (= 3.2.17)
      rack-ssl (~> 1.3.2)
      rake (>= 0.8.7)
      rdoc (~> 3.4)
      thor (>= 0.14.6, < 2.0)
    rake (10.1.1)
    rdoc (3.12.2)
      json (~> 1.4)
    sanitize (2.1.0)
      nokogiri (>= 1.4.4)
    sass (3.2.14)
    sass-rails (3.2.6)
      railties (~> 3.2.0)
      sass (>= 3.1.10)
      tilt (~> 1.3)
    sax-machine (0.2.1)
      nokogiri (~> 1.6.0)
    simple_form (2.1.1)
      actionpack (~> 3.0)
      activemodel (~> 3.0)
    simple_oauth (0.2.0)
    sprockets (2.2.2)
      hike (~> 1.2)
      multi_json (~> 1.0)
      rack (~> 1.0)
      tilt (~> 1.1, != 1.3.0)
    sshkit (1.3.0)
      net-scp (>= 1.1.2)
      net-ssh
      term-ansicolor
    term-ansicolor (1.3.0)
      tins (~> 1.0)
    thin (1.6.2)
      daemons (>= 1.0.9)
      eventmachine (>= 1.0.0)
      rack (>= 1.0.0)
    thor (0.18.1)
    thread_safe (0.2.0)
      atomic (>= 1.1.7, < 2)
    tilt (1.4.1)
    tins (1.0.0)
    tinymce-rails (4.0.18)
      railties (>= 3.1.1)
    treetop (1.4.15)
      polyglot
      polyglot (>= 0.3.1)
    turbolinks (2.2.1)
      coffee-rails
    twitter (5.7.1)
      addressable (~> 2.3)
      buftok (~> 0.2.0)
      equalizer (~> 0.0.9)
      faraday (~> 0.9.0)
      http (~> 0.5.0)
      http_parser.rb (~> 0.6.0)
      json (~> 1.8)
      memoizable (~> 0.4.0)
      naught (~> 1.0)
      simple_oauth (~> 0.2.0)
    tzinfo (0.3.38)
    uuidtools (2.1.4)
    warden (1.2.3)
      rack (>= 1.0)

PLATFORMS
  ruby

DEPENDENCIES
  bson_ext
  cancan
  capistrano
  compass
  compass-rails
  devise
  feedzirra
  haml
  html_truncator
  jquery-modal-rails
  jquery-rails
  jquery-turbolinks
  jquery-ui-rails
  koala
  mongoid
  mongoid-paperclip
  passenger
  rails (= 3.2.17)
  sanitize
  sass-rails
  simple_form
  thin
  tinymce-rails
  turbolinks
  twitter
